GEM
  remote: https://rubygems.org/
  specs:
    appium_console (2.8.1)
      appium_lib (~> 9, >= 9.8)
      awesome_print (~> 1.7)
      bond (~> 0.5)
      pry (~> 0.11.0)
      spec (~> 5.3, >= 5.3.1)
      thor (~> 0.19)
    appium_lib (9.10.0)
      appium_lib_core (~> 1.3.1)
      nokogiri (~> 1.8, >= 1.8.1)
      tomlrb (~> 1.1)
    appium_lib_core (1.3.3)
      json (>= 1.8)
      selenium-webdriver (~> 3.5)
    awesome_print (1.8.0)
    bond (0.5.1)
    childprocess (0.9.0)
      ffi (~> 1.0, >= 1.0.11)
    chronic_duration (0.10.6)
      numerizer (~> 0.1.1)
    coderay (1.1.2)
    ffi (1.9.23-x64-mingw32)
    json (2.1.0)
    method_source (0.9.0)
    mini_portile2 (2.3.0)
    nokogiri (1.8.2-x64-mingw32)
      mini_portile2 (~> 2.3.0)
    numerizer (0.1.1)
    pry (0.11.3)
      coderay (~> 1.1.0)
      method_source (~> 0.9.0)
    rubyzip (1.2.1)
    selenium-webdriver (3.11.0)
      childprocess (~> 0.5)
      rubyzip (~> 1.2)
    spec (5.3.4)
      chronic_duration (~> 0.10.2)
    thor (0.20.0)
    tomlrb (1.2.6)

PLATFORMS
  x64-mingw32

DEPENDENCIES
  appium_console
  appium_lib

BUNDLED WITH
   1.16.1
